GEM
  remote: http://rubygems.org/
  specs:
    diff-lcs (1.1.3)
    mock_redis (0.3.0)
    redis (0.1)
      rspec
    rspec (1.2.9)
    rspec-core (2.8.0)
    rspec-expectations (2.8.0)
      diff-lcs (~> 1.1.2)
    rspec-mocks (2.8.0)

PLATFORMS
  ruby

DEPENDENCIES
  mock_redis
  redis
  rspec
  rspec-core
  rspec-expectations
  rspec-mocks
